PATH
  remote: .
  specs:
    clickup_git_utils (0.1.0)
      faraday
      thor

GEM
  remote: https://rubygems.org/
  specs:
    faraday (0.17.3)
      multipart-post (>= 1.2, < 3)
    multipart-post (2.1.1)
    rake (12.3.3)
    thor (0.20.3)

PLATFORMS
  ruby

DEPENDENCIES
  clickup_git_utils!
  rake (~> 12.0)

BUNDLED WITH
   2.1.4
